GEM
  remote: https://rubygems.org/
  specs:
    is_forty_two (0.0.1)

PLATFORMS
  x86_64-darwin-21

DEPENDENCIES
  is_forty_two

BUNDLED WITH
   2.2.32
